NUGET
  remote: https://www.nuget.org/api/v2
  specs:
    DotLiquid (1.8.0)
    FSharp.Core (4.0.0.1)
    NuGet.CommandLine (3.3.0)
    Suave (1.0.0)
      FSharp.Core (>= 3.1.2.5)
    Suave.DotLiquid (1.0.0)
      DotLiquid (>= 1.8.0)
      FSharp.Core (>= 3.1.2.5)
      Suave (>= 1.0.0)
